GEM
  remote: https://rubygems.org/
  specs:
    highline (2.0.3)
    options (2.3.2)
    progress_bar (1.3.3)
      highline (>= 1.6, < 3)
      options (~> 2.3.0)
    srt (0.1.5)
    thor (1.2.1)

PLATFORMS
  ruby

DEPENDENCIES
  progress_bar
  srt
  thor

BUNDLED WITH
   2.3.17
