GIT
  remote: https://github.com/codefodder/srt
  revision: 3ddde87980887c41d76338eb76136ab2df82eb3d
  branch: main
  specs:
    srt (0.1.5)

GEM
  remote: https://rubygems.org/
  specs:
    highline (2.0.3)
    options (2.3.2)
    progress_bar (1.3.3)
      highline (>= 1.6, < 3)
      options (~> 2.3.0)
    thor (1.2.1)

PLATFORMS
  ruby

DEPENDENCIES
  progress_bar
  srt!
  thor

RUBY VERSION
   ruby 2.7.1p83

BUNDLED WITH
   2.1.4
