GIT
  remote: https://github.com/codefodder/srt
  revision: 3ddde87980887c41d76338eb76136ab2df82eb3d
  branch: main
  specs:
    srt (0.1.5)

GEM
  remote: https://rubygems.org/
  specs:
    byebug (11.1.3)
    coderay (1.1.3)
    highline (2.0.3)
    method_source (1.0.0)
    options (2.3.2)
    progress_bar (1.3.3)
      highline (>= 1.6, < 3)
      options (~> 2.3.0)
    pry (0.13.1)
      coderay (~> 1.1)
      method_source (~> 1.0)
    pry-byebug (3.9.0)
      byebug (~> 11.0)
      pry (~> 0.13.0)
    thor (1.2.1)

PLATFORMS
  ruby

DEPENDENCIES
  progress_bar
  pry-byebug
  srt!
  thor

BUNDLED WITH
   2.1.4
